GEM
  remote: https://rubygems.org/
  specs:
    ZenTest (4.9.0)
    addressable (2.3.3)
    autotest-clear (1.1.0)
    crack (0.3.2)
    diff-lcs (1.2.2)
    mime-types (1.22)
    rest-client (1.6.7)
      mime-types (>= 1.16)
    rspec (2.13.0)
      rspec-core (~> 2.13.0)
      rspec-expectations (~> 2.13.0)
      rspec-mocks (~> 2.13.0)
    rspec-core (2.13.1)
    rspec-expectations (2.13.0)
      diff-lcs (>= 1.1.3, < 2.0)
    rspec-mocks (2.13.1)
    webmock (1.11.0)
      addressable (>= 2.2.7)
      crack (>= 0.3.2)

PLATFORMS
  ruby

DEPENDENCIES
  ZenTest
  autotest-clear
  rest-client
  rspec
  webmock
